PATH
  remote: .
  specs:
    faker (1.7.2)
      i18n (~> 0.5)

GEM
  remote: https://rubygems.org/
  specs:
    i18n (0.7.0)
    rake (10.1.0)

PLATFORMS
  ruby

DEPENDENCIES
  faker!
  rake

BUNDLED WITH
   1.14.3
